GIT
  remote: git://github.com/djanowski/pygmentize.git
  revision: e01c1a789b2e60e2bdb17fd869be01c19d3b67c1
  specs:
    pygmentize (0.0.3)

GIT
  remote: git://github.com/eee-c/git-scribe.git
  revision: 06d9c24847bc59ed931ff121ba5cbf1f34c2ff24
  specs:
    git-scribe (0.1.1)
      liquid
      nokogiri

GEM
  remote: http://rubygems.org/
  specs:
    addressable (2.3.2)
    excon (0.16.2)
    heroku (2.30.5)
      heroku-api (~> 0.3.4)
      launchy (>= 0.3.2)
      netrc (~> 0.7.7)
      rest-client (~> 1.6.1)
      rubyzip
    heroku-api (0.3.4)
      excon (~> 0.16.1)
    launchy (2.1.2)
      addressable (~> 2.3)
    liquid (2.4.1)
    mime-types (1.19)
    netrc (0.7.7)
    nokogiri (1.5.5)
    rack (1.4.1)
    rack-rewrite (1.2.1)
    rest-client (1.6.7)
      mime-types (>= 1.16)
    rubyzip (0.9.9)

PLATFORMS
  ruby

DEPENDENCIES
  git-scribe!
  heroku
  pygmentize!
  rack
  rack-rewrite
