GIT
  remote: git@github.com:schacon/git-scribe.git
  revision: c2fcc13643274f38d9dcbdb027efb6dc1ef0a9b3
  specs:
    git-scribe (0.1.1)
      grit
      liquid
      nokogiri

GEM
  remote: http://rubygems.org/
  specs:
    addressable (2.3.2)
    diff-lcs (1.2.0)
    excon (0.16.2)
    grit (2.5.0)
      diff-lcs (~> 1.1)
      mime-types (~> 1.15)
      posix-spawn (~> 0.3.6)
    heroku (2.30.5)
      heroku-api (~> 0.3.4)
      launchy (>= 0.3.2)
      netrc (~> 0.7.7)
      rest-client (~> 1.6.1)
      rubyzip
    heroku-api (0.3.4)
      excon (~> 0.16.1)
    launchy (2.1.2)
      addressable (~> 2.3)
    liquid (2.4.1)
    mime-types (1.19)
    netrc (0.7.7)
    nokogiri (1.5.6)
    posix-spawn (0.3.6)
    rack (1.4.1)
    rack-rewrite (1.2.1)
    rest-client (1.6.7)
      mime-types (>= 1.16)
    rubyzip (0.9.9)

PLATFORMS
  ruby

DEPENDENCIES
  git-scribe!
  heroku
  rack
  rack-rewrite
