GEM
  remote: http://rubygems.org/
  specs:
    git-scribe (0.1.1)
      liquid
      nokogiri
    liquid (2.3.0)
    nokogiri (1.5.5)

PLATFORMS
  ruby

DEPENDENCIES
  git-scribe
